##TITLE= Parameter file, TopSpin 4.3.0
##JCAMPDX= 5.0
##DATATYPE= Parameter Values
##NPOINTS= 1	$$ modification sequence number
##ORIGIN= Bruker BioSpin GmbH
##OWNER= nmrsu
$$ 2024-08-22 15:35:25.265 -0400  nmrsu@CZC24397WT
$$ D:/nmrdata/Wolfe Lab/data/nmr/nmr/ASI-18-Clean/11/scon2
$$ process C:\Bruker\TopSpin4.3.0\prog\mod\acqdataserver.exe
##$BLKTR= (0..32)
3 3 3 3 3 3 3 3 3 3 3 3 3 3 3 3 3 3 3 3 3 3 3 3 3 3 3 3 3 3 3 3 3
##$DE1= 4.5
##$DEADC= 0.5
##$DEPA= 4.5
##$DERX= 1.5
##$GRADPRE= (0..1)
10 10
##$HD_BLKTR= (0..32)
1 1 1 1 1 1 1 1 1 1 1 1 1 1 1 1 1 1 1 1 1 1 1 1 1 1 1 1 1 1 1 1 1
##$HD_DE1= 5
##$HD_DEADC= 0
##$HD_DEPA= 2.5
##$HD_DERX= 0
##END=
