##TITLE= Parameter file, TopSpin 4.3.0
##JCAMPDX= 5.0
##DATATYPE= Parameter Values
##NPOINTS= 3	$$ modification sequence number
##ORIGIN= Bruker BioSpin GmbH
##OWNER= nmrsu
$$ 2024-08-22 15:32:01.146 -0400  nmrsu@CZC24397WT
$$ D:/nmrdata/Wolfe Lab/data/nmr/nmr/ASI-18-Clean/10//specpar
$$ process C:\Bruker\TopSpin4.3.0\prog\mod\acqdataserver.exe
##$ANCIEN= (0..7)
0 0 0 0 0 0 0 0
##$BF1= 100.13
##$BF2= 100.13
##$BF3= 100.13
##$DEC= 1
##$DECB= 1
##$DEF19F= yes
##$DEFRSEL= yes
##$HPMOD= (0..32)
0 0 0 0 0 0 0 0 0 0 0 0 0 0 0 0 0 0 0 0 0 0 0 0 0 0 0 0 0 0 0 0 0
##$HPPRECH= (0..32)
-1 -1 -1 -1 -1 -1 -1 -1 -1 -1 -1 -1 -1 -1 -1 -1 -1 -1 -1 -1 -1 -1 -1 -1
-1 -1 -1 -1 -1 -1 -1 -1 -1
##$HPSELECT= yes
##$LOCSW19F= -1
##$LOCSW2H= -1
##$NUC1= 1
##$NUC2= 0
##$NUC3= 0
##$NUC4= 0
##$NUC5= 0
##$NUC6= 0
##$NUC7= 0
##$NUC8= 0
##$NUCARR= (0..123)
400.23 400.23 61.4377418408601 426.90122314 304.891115645 58.8981909980001
155.544574733 56.23957117 42.9993424129999 128.40968914 100.637913546 28.921888529
40.5549536980001 54.257007851 376.592460225 31.5953408810001 105.86843937
24.5006197599999 104.287366776 79.51444253 162.016073707 30.7216548 39.2141711910001
32.6416581669999 18.676224658 23.2214166409999 10.2511110020001 26.9355950670001
97.222859018 22.563102328 22.569117785 39.9041677110001 105.27228878 22.6229847410001
99.2138872009999 12.9585588889999 94.96286827 35.7647569169999 106.122877588
113.680100494 25.041602647 96.060619114 122.056958419 13.9612831250001
68.529838012 76.32991648 20.8828887610001 100.273544154 108.088186991 15.39924948
38.641978369 130.957073044 17.3452557910001 19.6120624549999 37.2065734849999
97.960975191 26.0826929300001 26.6300834990001 90.0850731500001 18.4311958469999
20.6573471490001 12.753116828 18.31492503 16.2005859840001 18.624835126
84.910715604 88.8237443019999 87.5133112370001 87.7009150470001 130.950249123
142.610990196 149.248296454 95.777348327 51.866674199 104.739158407 126.271640469
80.0759612180001 111.304707428 32.9946450179999 52.4947351270001 39.760677251
44.4772717339999 52.80754689 56.5350529739999 122.550426 21.812535 13.447728
16.689591 13.767912 99.497178 43.945254 12.287061 16.129269 96.215292 13.767912
19.291086 85.409082 11.526624 33.179067 70.0374724040001 19.2950883 45.6422292
32.5427013 16.0372161 10.0737891 47.98597608 16.67513069 90.15020658 91.05872868
9.13457336099992 31.07946042 6.8759514 7.4883033 86.036578603 6.9199767
71.6844828910001 26.461538641 228.62418336 230.868024827 83.7305133780001
64.3141113619999 7.36983522 14.524719 100
##$NUCOFFS= (0..127)
<1H> <19F> <2H> <> <> <> <> <> <> <> <> <> <> <> <> <> <> <> <> <> <> <>
<> <> <> <> <> <> <> <> <> <> <> <> <> <> <> <> <> <> <> <> <> <> <> <>
<> <> <> <> <> <> <> <> <> <> <> <> <> <> <> <> <> <> <> <> <> <> <> <>
<> <> <> <> <> <> <> <> <> <> <> <> <> <> <> <> <> <> <> <> <> <> <> <>
<> <> <> <> <> <> <> <> <> <> <> <> <> <> <> <> <> <> <> <> <> <> <> <>
<> <> <> <> <> <> <> <> <> <>
##$OBS= 1
##$OFFS= (0..127)
0 0 0 0 0 0 0 0 0 0 0 0 0 0 0 0 0 0 0 0 0 0 0 0 0 0 0 0 0 0 0 0 0 0 0 0
0 0 0 0 0 0 0 0 0 0 0 0 0 0 0 0 0 0 0 0 0 0 0 0 0 0 0 0 0 0 0 0 0 0 0 0
0 0 0 0 0 0 0 0 0 0 0 0 0 0 0 0 0 0 0 0 0 0 0 0 0 0 0 0 0 0 0 0 0 0 0 0
0 0 0 0 0 0 0 0 0 0 0 0 0 0 0 0 0 0 0 0
##$OFFSF= (0..7)
0 0 0 0 0 0 0 0
##$OFFSH= (0..7)
0 0 0 0 0 0 0 0
##$OFFSX= (0..7)
0 0 0 0 0 0 0 0
##$OFFSXAS= (0..7)
0 0 0 0 0 0 0 0
##$OFSF1= 0
##$OFSF2= 0
##$OFSH1= 0
##$OFSH2= 0
##$OFSH3= 0
##$OFSX1= 0
##$OFSX2= 0
##$OFSY= 0
##$PACOIL= (0..32)
0 0 0 0 0 0 0 0 0 0 0 0 0 0 0 0 0 0 0 0 0 0 0 0 0 0 0 0 0 0 0 0 0
##$PRECHAN= (0..32)
-1 2 -1 0 1 -1 -1 -1 -1 -1 -1 -1 -1 -1 -1 -1 -1 -1 -1 -1 -1 -1 -1 -1 -1
-1 -1 -1 -1 -1 -1 -1 -1
##$RECPRE= (0..25)
-1 0 2 -1 -1 -1 -1 -1 -1 -1 -1 -1 -1 -1 -1 -1 -1 -1 -1 -1 -1 -1 -1 -1 -1
-1
##$RECPRFX= (0..32)
1 0 1 0 0 0 0 0 0 0 0 0 0 0 0 0 0 0 0 0 0 0 0 0 0 0 0 0 0 0 0 0 0
##$RECSEL= (0..24)
0 1 2 3 4 5 6 7 8 9 10 11 12 13 14 15 16 17 18 19 20 21 22 23 24
##$SELREC= (0..24)
0 0 0 0 0 0 0 0 0 0 0 0 0 0 0 0 0 0 0 0 0 0 0 0 0
##$SFO1= 400.231651412616
##$SFO2= 400.231651412616
##$SFO3= 400.231651412616
##$SFO4= 400.231651412616
##$SFO5= 400.231651412616
##$SFO6= 400.231651412616
##$SFO7= 400.231651412616
##$SFO8= 400.231651412616
##$TY= (0..123)
0 0 0 0 0 0 0 0 0 0 0 0 0 0 0 0 0 0 0 0 0 0 0 0 0 0 0 0 0 0 0 0 0 0 0 0
0 0 0 0 0 0 0 0 0 0 0 0 0 0 0 0 0 0 0 0 0 0 0 0 0 0 0 0 0 0 0 0 0 0 0 0
0 0 0 0 0 0 0 0 0 0 0 0 0 0 0 0 0 0 0 0 0 0 0 0 0 0 0 0 0 0 0 0 0 0 0 0
0 0 0 0 0 0 0 0 0 0 0 0 0 0 0 0
##END=
